GEM
  remote: https://rubygems.org/
  specs:
    RubyInline (3.12.4)
      ZenTest (~> 4.3)
    ZenTest (4.11.0)
    png (1.2.1)
      RubyInline (~> 3.9)

PLATFORMS
  ruby

DEPENDENCIES
  png

BUNDLED WITH
   1.11.2
